PATH
  remote: .
  specs:
    configurable_engine (0.3.0)

GEM
  remote: https://rubygems.org/
  specs:
    rake (10.1.0)

PLATFORMS
  ruby

DEPENDENCIES
  bundler (~> 1.3)
  configurable_engine!
  rake
